GEM
  remote: http://rubygems.org/
  specs:
    actionmailer (2.3.8)
      actionpack (= 2.3.8)
    actionpack (2.3.8)
      activesupport (= 2.3.8)
      rack (~> 1.1.0)
    activerecord (2.3.8)
      activesupport (= 2.3.8)
    activeresource (2.3.8)
      activesupport (= 2.3.8)
    activesupport (2.3.8)
    builder (3.0.0)
    cgi_multipart_eof_fix (2.5.0)
    columnize (0.3.2)
    curb (0.7.8)
    daemons (1.1.0)
    diff-lcs (1.1.2)
    escape (0.0.4)
    fastercsv (1.5.3)
    fastthread (1.0.7)
    feedzirra (0.0.24)
      activesupport (>= 2.3.8)
      builder (>= 2.1.2)
      curb (>= 0.2.3)
      loofah (>= 0.3.1)
      nokogiri (> 0.0.0)
      sax-machine (>= 0.0.12)
    gem_plugin (0.2.3)
    hpricot (0.8.3)
    icalendar (1.1.5)
    linecache (0.43)
    loofah (1.0.0)
      nokogiri (>= 1.3.3)
    memcache (1.2.13)
    mongrel (1.1.5)
      cgi_multipart_eof_fix (>= 2.4)
      daemons (>= 1.0.3)
      fastthread (>= 1.0.1)
      gem_plugin (>= 0.2.3)
    mysql (2.8.1)
    nokogiri (1.4.4)
    rack (1.1.0)
    rails (2.3.8)
      actionmailer (= 2.3.8)
      actionpack (= 2.3.8)
      activerecord (= 2.3.8)
      activeresource (= 2.3.8)
      activesupport (= 2.3.8)
      rake (>= 0.8.3)
    rake (0.8.7)
    ri_cal (0.8.7)
    rsolr (0.12.1)
      builder (>= 2.1.2)
    rspec (2.1.0)
      rspec-core (~> 2.1.0)
      rspec-expectations (~> 2.1.0)
      rspec-mocks (~> 2.1.0)
    rspec-core (2.1.0)
    rspec-expectations (2.1.0)
      diff-lcs (~> 1.1.2)
    rspec-mocks (2.1.0)
    ruby-debug (0.10.4)
      columnize (>= 0.1)
      ruby-debug-base (~> 0.10.4.0)
    ruby-debug-base (0.10.4)
      linecache (>= 0.3)
    sax-machine (0.0.15)
      nokogiri (> 0.0.0)
    smtp_tls (1.0.3)
    sunspot (1.1.0)
      escape (= 0.0.4)
      rsolr (= 0.12.1)
    sunspot_rails (1.1.0)
      sunspot (= 1.1.0)
    tmail (1.2.7.1)
    yard (0.6.2)

PLATFORMS
  ruby

DEPENDENCIES
  builder
  daemons
  fastercsv
  feedzirra
  hpricot
  icalendar
  memcache
  mongrel
  mysql
  rails (= 2.3.8)
  ri_cal
  rspec
  ruby-debug
  smtp_tls
  sunspot
  sunspot_rails
  tmail
  yard
